GEM
  remote: https://rubygems.org/
  specs:
    activesupport (6.0.3.2)
      concurrent-ruby (~> 1.0, >= 1.0.2)
      i18n (>= 0.7, < 2)
      minitest (~> 5.1)
      tzinfo (~> 1.1)
      zeitwerk (~> 2.2, >= 2.2.2)
    addressable (2.3.8)
    airbrussh (1.4.0)
      sshkit (>= 1.6.1, != 1.7.0)
    assembly-objectfile (1.10.0)
      activesupport (>= 5.2.0)
      deprecation
      dry-struct (~> 1.0)
      dry-types (~> 1.1)
      mime-types (> 3)
      mini_exiftool
      nokogiri
    ast (2.4.1)
    builder (3.2.4)
    bundler-audit (0.7.0.1)
      bundler (>= 1.2.0, < 3)
      thor (>= 0.18, < 2)
    capistrano (3.14.1)
      airbrussh (>= 1.0.0)
      i18n
      rake (>= 10.0.0)
      sshkit (>= 1.9.0)
    capistrano-bundle_audit (0.3.0)
      bundler-audit (~> 0.5)
      capistrano (~> 3.0)
      capistrano-bundler (~> 1.4)
    capistrano-bundler (1.6.0)
      capistrano (~> 3.1)
    capistrano-one_time_key (0.1.0)
      capistrano (~> 3.0)
    capistrano-resque-pool (0.2.0)
      capistrano
      resque-pool
    capistrano-rvm (0.1.2)
      capistrano (~> 3.0)
      sshkit (~> 1.2)
    capistrano-shared_configs (0.2.2)
    cocina-models (0.37.0)
      activesupport
      dry-struct (~> 1.0)
      dry-types (~> 1.1)
      openapi3_parser
      openapi_parser
      thor
      zeitwerk (~> 2.1)
    coderay (1.1.3)
    commonmarker (0.21.0)
      ruby-enum (~> 0.5)
    concurrent-ruby (1.1.7)
    config (2.2.1)
      deep_merge (~> 1.2, >= 1.2.1)
      dry-validation (~> 1.0, >= 1.0.0)
    connection_pool (2.2.3)
    coveralls (0.8.23)
      json (>= 1.8, < 3)
      simplecov (~> 0.16.1)
      term-ansicolor (~> 1.3)
      thor (>= 0.19.4, < 2.0)
      tins (~> 1.6)
    crack (0.4.3)
      safe_yaml (~> 1.0.0)
    crass (1.0.6)
    deep_merge (1.2.1)
    deprecation (1.0.0)
      activesupport
    diff-lcs (1.4.4)
    dlss-capistrano (3.9.0)
      capistrano (~> 3.0)
      capistrano-bundle_audit (>= 0.3.0)
      capistrano-one_time_key
      capistrano-shared_configs
    docile (1.3.2)
    dor-services-client (6.10.0)
      activesupport (>= 4.2, < 7)
      cocina-models (~> 0.37.0)
      deprecation
      faraday (>= 0.15, < 2)
      moab-versioning (~> 4.0)
      zeitwerk (~> 2.1)
    dor-workflow-client (3.22.0)
      activesupport (>= 3.2.1, < 7)
      deprecation (>= 0.99.0)
      faraday (>= 0.9.2, < 2.0)
      faraday_middleware
      nokogiri (~> 1.6)
      zeitwerk (~> 2.1)
    druid-tools (2.1.0)
      deprecation
    dry-configurable (0.11.6)
      concurrent-ruby (~> 1.0)
      dry-core (~> 0.4, >= 0.4.7)
      dry-equalizer (~> 0.2)
    dry-container (0.7.2)
      concurrent-ruby (~> 1.0)
      dry-configurable (~> 0.1, >= 0.1.3)
    dry-core (0.4.9)
      concurrent-ruby (~> 1.0)
    dry-equalizer (0.3.0)
    dry-inflector (0.2.0)
    dry-initializer (3.0.3)
    dry-logic (1.0.7)
      concurrent-ruby (~> 1.0)
      dry-core (~> 0.2)
      dry-equalizer (~> 0.2)
    dry-schema (1.5.4)
      concurrent-ruby (~> 1.0)
      dry-configurable (~> 0.8, >= 0.8.3)
      dry-core (~> 0.4)
      dry-equalizer (~> 0.2)
      dry-initializer (~> 3.0)
      dry-logic (~> 1.0)
      dry-types (~> 1.4)
    dry-struct (1.3.0)
      dry-core (~> 0.4, >= 0.4.4)
      dry-equalizer (~> 0.3)
      dry-types (~> 1.3)
      ice_nine (~> 0.11)
    dry-types (1.4.0)
      concurrent-ruby (~> 1.0)
      dry-container (~> 0.3)
      dry-core (~> 0.4, >= 0.4.4)
      dry-equalizer (~> 0.3)
      dry-inflector (~> 0.1, >= 0.1.2)
      dry-logic (~> 1.0, >= 1.0.2)
    dry-validation (1.5.6)
      concurrent-ruby (~> 1.0)
      dry-container (~> 0.7, >= 0.7.1)
      dry-core (~> 0.4)
      dry-equalizer (~> 0.2)
      dry-initializer (~> 3.0)
      dry-schema (~> 1.5, >= 1.5.2)
    edtf (3.0.5)
      activesupport (>= 3.0, < 7.0)
    faraday (1.0.1)
      multipart-post (>= 1.2, < 3)
    faraday_middleware (1.0.0)
      faraday (~> 1.0)
    fastimage (1.9.0)
      addressable (~> 2.3.5)
    ffi (1.13.1)
    ffi-geos (1.2.2)
      ffi (>= 1.0.0)
    geo_combine (0.3.1)
      json-schema
      nokogiri
      rsolr
      sanitize
      thor
    geoserver-publish (0.5.0)
      faraday
    hashdiff (1.0.1)
    honeybadger (4.7.2)
    i18n (1.8.5)
      concurrent-ruby (~> 1.0)
    ice_nine (0.11.2)
    iso-639 (0.2.10)
    json (2.3.1)
    json-schema (2.6.2)
      addressable (~> 2.3.8)
    lyber-core (6.1.1)
    method_source (1.0.0)
    mime-types (3.3.1)
      mime-types-data (~> 3.2015)
    mime-types-data (3.2020.0512)
    mini_exiftool (2.10.0)
    mini_portile2 (2.4.0)
    minitest (5.14.2)
    moab-versioning (4.4.1)
      druid-tools (>= 1.0.0)
      json
      nokogiri
      nokogiri-happymapper
    mods (2.4.1)
      edtf
      iso-639
      nokogiri (>= 1.6.6)
      nom-xml (~> 1.0)
    mono_logger (1.1.0)
    multi_json (1.15.0)
    multipart-post (2.1.1)
    mustermann (1.1.1)
      ruby2_keywords (~> 0.0.1)
    net-http-persistent (3.1.0)
      connection_pool (~> 2.2)
    net-scp (3.0.0)
      net-ssh (>= 2.6.5, < 7.0.0)
    net-ssh (6.1.0)
    nokogiri (1.10.10)
      mini_portile2 (~> 2.4.0)
    nokogiri-happymapper (0.8.1)
      nokogiri (~> 1.5)
    nokogumbo (2.0.2)
      nokogiri (~> 1.8, >= 1.8.4)
    nom-xml (1.1.0)
      activesupport (>= 3.2.18)
      i18n
      nokogiri
    openapi3_parser (0.8.2)
      commonmarker (~> 0.17)
      psych (~> 3.1)
    openapi_parser (0.12.1)
    parallel (1.19.2)
    parser (2.7.1.4)
      ast (~> 2.4.1)
    pry (0.13.1)
      coderay (~> 1.1)
      method_source (~> 1.0)
    psych (3.2.0)
    rack (2.2.3)
    rack-protection (2.1.0)
      rack
    rainbow (3.0.0)
    rake (13.0.1)
    redis (4.2.1)
    redis-namespace (1.8.0)
      redis (>= 3.0.4)
    regexp_parser (1.7.1)
    resque (2.0.0)
      mono_logger (~> 1.0)
      multi_json (~> 1.0)
      redis-namespace (~> 1.6)
      sinatra (>= 0.9.2)
      vegas (~> 0.1.2)
    resque-pool (0.7.1)
      rake (>= 10.0, < 14.0)
      resque (>= 1.22, < 3)
    rexml (3.2.4)
    rsolr (2.3.0)
      builder (>= 2.1.2)
      faraday (>= 0.9.0)
    rspec (3.9.0)
      rspec-core (~> 3.9.0)
      rspec-expectations (~> 3.9.0)
      rspec-mocks (~> 3.9.0)
    rspec-core (3.9.2)
      rspec-support (~> 3.9.3)
    rspec-expectations (3.9.2)
      diff-lcs (>= 1.2.0, < 2.0)
      rspec-support (~> 3.9.0)
    rspec-mocks (3.9.1)
      diff-lcs (>= 1.2.0, < 2.0)
      rspec-support (~> 3.9.0)
    rspec-support (3.9.3)
    rubocop (0.90.0)
      parallel (~> 1.10)
      parser (>= 2.7.1.1)
      rainbow (>= 2.2.2, < 4.0)
      regexp_parser (>= 1.7)
      rexml
      rubocop-ast (>= 0.3.0, < 1.0)
      ruby-progressbar (~> 1.7)
      unicode-display_width (>= 1.4.0, < 2.0)
    rubocop-ast (0.3.0)
      parser (>= 2.7.1.4)
    rubocop-rspec (1.43.2)
      rubocop (~> 0.87)
    ruby-enum (0.8.0)
      i18n
    ruby-progressbar (1.10.1)
    ruby2_keywords (0.0.2)
    safe_yaml (1.0.5)
    sanitize (5.2.1)
      crass (~> 1.0.2)
      nokogiri (>= 1.8.0)
      nokogumbo (~> 2.0)
    scanf (1.0.0)
    simplecov (0.16.1)
      docile (~> 1.1)
      json (>= 1.8, < 3)
      simplecov-html (~> 0.10.0)
    simplecov-html (0.10.2)
    sinatra (2.1.0)
      mustermann (~> 1.0)
      rack (~> 2.2)
      rack-protection (= 2.1.0)
      tilt (~> 2.0)
    slop (3.6.0)
    sshkit (1.21.0)
      net-scp (>= 1.1.2)
      net-ssh (>= 2.8.0)
    stanford-mods (2.6.2)
      activesupport
      mods (~> 2.2)
    sync (0.5.0)
    term-ansicolor (1.7.1)
      tins (~> 1.0)
    thor (1.0.1)
    thread_safe (0.3.6)
    tilt (2.0.10)
    tins (1.25.0)
      sync
    tzinfo (1.2.7)
      thread_safe (~> 0.1)
    unicode-display_width (1.7.0)
    vegas (0.1.11)
      rack (>= 1.0.0)
    webmock (3.8.3)
      addressable (>= 2.3.6)
      crack (>= 0.3.2)
      hashdiff (>= 0.4.0, < 2.0.0)
    zeitwerk (2.4.0)

PLATFORMS
  ruby

DEPENDENCIES
  assembly-objectfile
  capistrano
  capistrano-bundler
  capistrano-resque-pool
  capistrano-rvm
  capistrano-shared_configs
  config (~> 2.0)
  coveralls
  dlss-capistrano
  dor-services-client (~> 6.6)
  dor-workflow-client (~> 3.1)
  druid-tools
  fastimage (~> 1.7)
  ffi-geos (~> 1.0)
  geo_combine
  geoserver-publish (>= 0.5.0)
  honeybadger
  iso-639 (~> 0.2.10)
  lyber-core (~> 6.1)
  net-http-persistent (~> 3.0)
  pry (~> 0.10)
  rake (~> 13.0)
  resque
  resque-pool
  rsolr
  rspec
  rubocop
  rubocop-rspec
  scanf
  slop (~> 3.6)
  stanford-mods
  webmock
  zeitwerk (~> 2.1)

BUNDLED WITH
   2.1.4
