GEM
  remote: https://rubygems.org/
  specs:
    active-fedora (8.7.0)
      active-triples (~> 0.4.0)
      activesupport (>= 4.2.10)
      deprecation
      nom-xml (>= 0.5.1)
      om (~> 3.1)
      rdf-rdfxml (~> 1.1)
      rsolr (>= 1.0.11, < 3)
      rubydora (>= 1.8.0, < 3)
    active-triples (0.4.1)
      activemodel (>= 3.0.0)
      activesupport (>= 3.0.0)
      deprecation (~> 0.1)
      rdf (~> 1.1)
      rdf-vocab (~> 0.8)
    activemodel (5.1.7)
      activesupport (= 5.1.7)
    activesupport (5.1.7)
      concurrent-ruby (~> 1.0, >= 1.0.2)
      i18n (>= 0.7, < 2)
      minitest (~> 5.1)
      tzinfo (~> 1.1)
    addressable (2.3.8)
    airbrussh (1.4.0)
      sshkit (>= 1.6.1, != 1.7.0)
    assembly-objectfile (1.8.3)
      mime-types (> 3)
      mini_exiftool
      nokogiri
    ast (2.4.0)
    builder (3.2.4)
    bundler-audit (0.6.1)
      bundler (>= 1.2.0, < 3)
      thor (~> 0.18)
    capistrano (3.13.0)
      airbrussh (>= 1.0.0)
      i18n
      rake (>= 10.0.0)
      sshkit (>= 1.9.0)
    capistrano-bundle_audit (0.2.2)
      bundler-audit (~> 0.5)
      capistrano (~> 3.0)
      capistrano-bundler (~> 1.4)
    capistrano-bundler (1.6.0)
      capistrano (~> 3.1)
    capistrano-one_time_key (0.1.0)
      capistrano (~> 3.0)
    capistrano-resque-pool (0.2.0)
      capistrano
      resque-pool
    capistrano-rvm (0.1.2)
      capistrano (~> 3.0)
      sshkit (~> 1.2)
    capistrano-shared_configs (0.2.2)
    cocina-models (0.31.1)
      activesupport
      dry-struct (~> 1.0)
      dry-types (~> 1.1)
      openapi3_parser
      openapi_parser
      thor
      zeitwerk (~> 2.1)
    coderay (1.1.2)
    commonmarker (0.21.0)
      ruby-enum (~> 0.5)
    concurrent-ruby (1.1.6)
    config (2.2.1)
      deep_merge (~> 1.2, >= 1.2.1)
      dry-validation (~> 1.0, >= 1.0.0)
    confstruct (0.2.7)
    connection_pool (2.2.2)
    coveralls (0.8.23)
      json (>= 1.8, < 3)
      simplecov (~> 0.16.1)
      term-ansicolor (~> 1.3)
      thor (>= 0.19.4, < 2.0)
      tins (~> 1.6)
    crass (1.0.6)
    daemons (1.3.1)
    dbf (3.1.3)
    deep_merge (1.2.1)
    deprecation (0.99.0)
      activesupport
    diff-lcs (1.3)
    dlss-capistrano (3.5.0)
      capistrano (~> 3.0)
      capistrano-bundle_audit (>= 0.1.0)
      capistrano-one_time_key
      capistrano-shared_configs
    docile (1.3.2)
    domain_name (0.5.20190701)
      unf (>= 0.0.5, < 1.0.0)
    dor-rights-auth (1.4.0)
      nokogiri
    dor-services (8.6.0)
      active-fedora (>= 8.7.0, < 9)
      activesupport (~> 5.1)
      deprecation (~> 0)
      dor-rights-auth (~> 1.0, >= 1.2.0)
      dor-workflow-client (~> 3.1)
      druid-tools (>= 0.4.1)
      json (>= 1.8.1)
      nokogiri (~> 1.6)
      om (~> 3.0)
      rdf (~> 1.1, >= 1.1.7)
      rest-client (>= 1.7, < 3)
      retries (~> 0.0.5)
      rsolr (>= 1.0.3, < 3)
      rubydora (~> 2.1)
      solrizer (~> 3.0)
      stanford-mods (>= 2.3.1)
      stanford-mods-normalizer (~> 0.1)
    dor-services-client (5.1.0)
      activesupport (>= 4.2, < 7)
      cocina-models (~> 0.31.0)
      deprecation
      faraday (>= 0.15, < 2)
      moab-versioning (~> 4.0)
      zeitwerk (~> 2.1)
    dor-workflow-client (3.21.0)
      activesupport (>= 3.2.1, < 7)
      deprecation (>= 0.99.0)
      faraday (>= 0.9.2, < 2.0)
      faraday_middleware
      nokogiri (~> 1.6)
      zeitwerk (~> 2.1)
    druid-tools (2.1.0)
      deprecation
    dry-configurable (0.11.5)
      concurrent-ruby (~> 1.0)
      dry-core (~> 0.4, >= 0.4.7)
      dry-equalizer (~> 0.2)
    dry-container (0.7.2)
      concurrent-ruby (~> 1.0)
      dry-configurable (~> 0.1, >= 0.1.3)
    dry-core (0.4.9)
      concurrent-ruby (~> 1.0)
    dry-equalizer (0.3.0)
    dry-inflector (0.2.0)
    dry-initializer (3.0.3)
    dry-logic (1.0.6)
      concurrent-ruby (~> 1.0)
      dry-core (~> 0.2)
      dry-equalizer (~> 0.2)
    dry-schema (1.5.0)
      concurrent-ruby (~> 1.0)
      dry-configurable (~> 0.8, >= 0.8.3)
      dry-core (~> 0.4)
      dry-equalizer (~> 0.2)
      dry-initializer (~> 3.0)
      dry-logic (~> 1.0)
      dry-types (~> 1.4)
    dry-struct (1.3.0)
      dry-core (~> 0.4, >= 0.4.4)
      dry-equalizer (~> 0.3)
      dry-types (~> 1.3)
      ice_nine (~> 0.11)
    dry-types (1.4.0)
      concurrent-ruby (~> 1.0)
      dry-container (~> 0.3)
      dry-core (~> 0.4, >= 0.4.4)
      dry-equalizer (~> 0.3)
      dry-inflector (~> 0.1, >= 0.1.2)
      dry-logic (~> 1.0, >= 1.0.2)
    dry-validation (1.5.0)
      concurrent-ruby (~> 1.0)
      dry-container (~> 0.7, >= 0.7.1)
      dry-core (~> 0.4)
      dry-equalizer (~> 0.2)
      dry-initializer (~> 3.0)
      dry-schema (~> 1.5)
    edtf (3.0.5)
      activesupport (>= 3.0, < 7.0)
    equivalent-xml (0.6.0)
      nokogiri (>= 1.4.3)
    faraday (1.0.1)
      multipart-post (>= 1.2, < 3)
    faraday_middleware (1.0.0)
      faraday (~> 1.0)
    fastimage (1.9.0)
      addressable (~> 2.3.5)
    ffi (1.12.2)
    ffi-geos (1.2.2)
      ffi (>= 1.0.0)
    geo_combine (0.3.1)
      json-schema
      nokogiri
      rsolr
      sanitize
      thor
    haml (5.1.2)
      temple (>= 0.8.0)
      tilt
    honeybadger (4.6.0)
    hooks (0.4.1)
      uber (~> 0.0.14)
    htmlentities (4.3.4)
    http-accept (1.7.0)
    http-cookie (1.0.3)
      domain_name (~> 0.5)
    i18n (1.8.2)
      concurrent-ruby (~> 1.0)
    ice_nine (0.11.2)
    iso-639 (0.2.10)
    json (2.3.0)
    json-schema (2.6.2)
      addressable (~> 2.3.8)
    link_header (0.0.8)
    lyber-core (5.5.1)
      activesupport
      dor-services (>= 7.0.0, < 9)
      dor-workflow-client (~> 3.11)
    method_source (1.0.0)
    mime-types (3.3.1)
      mime-types-data (~> 3.2015)
    mime-types-data (3.2019.1009)
    mini_exiftool (2.10.0)
    mini_portile2 (2.4.0)
    minitest (5.14.0)
    moab-versioning (4.4.0)
      druid-tools (>= 1.0.0)
      json
      nokogiri
      nokogiri-happymapper
    mods (2.4.1)
      edtf
      iso-639
      nokogiri (>= 1.6.6)
      nom-xml (~> 1.0)
    mono_logger (1.1.0)
    multi_json (1.14.1)
    multipart-post (2.1.1)
    mustermann (1.1.1)
      ruby2_keywords (~> 0.0.1)
    net-http-persistent (3.1.0)
      connection_pool (~> 2.2)
    net-scp (2.0.0)
      net-ssh (>= 2.6.5, < 6.0.0)
    net-ssh (5.2.0)
    netrc (0.11.0)
    nokogiri (1.10.9)
      mini_portile2 (~> 2.4.0)
    nokogiri-happymapper (0.8.1)
      nokogiri (~> 1.5)
    nokogumbo (2.0.2)
      nokogiri (~> 1.8, >= 1.8.4)
    nom-xml (1.1.0)
      activesupport (>= 3.2.18)
      i18n
      nokogiri
    om (3.2.0)
      activemodel (>= 5.1, < 7)
      activesupport
      nokogiri (>= 1.4.2)
      solrizer (~> 3.3)
    openapi3_parser (0.8.0)
      commonmarker (~> 0.17)
      psych (~> 3.1)
    openapi_parser (0.10.0)
    parallel (1.19.1)
    parser (2.7.1.0)
      ast (~> 2.4.0)
    powerpack (0.1.2)
    pry (0.13.0)
      coderay (~> 1.1)
      method_source (~> 1.0)
    psych (3.1.0)
    rack (2.2.2)
    rack-protection (2.0.8.1)
      rack
    rainbow (3.0.0)
    rake (12.3.3)
    rdf (1.99.1)
      link_header (~> 0.0, >= 0.0.8)
    rdf-aggregate-repo (1.99.0)
      rdf (~> 1.99)
    rdf-rdfa (1.99.3)
      haml (>= 4.0, < 6.0)
      htmlentities (~> 4.3)
      rdf (~> 1.99)
      rdf-aggregate-repo (~> 1.1)
      rdf-xsd (~> 1.1)
    rdf-rdfxml (1.99.1)
      htmlentities (~> 4.3)
      rdf (~> 1.99)
      rdf-rdfa (~> 1.99)
      rdf-xsd (~> 1.99)
    rdf-vocab (0.8.8)
      rdf (~> 1.1, >= 1.1.10)
    rdf-xsd (1.99.0)
      rdf (~> 1.99)
    redis (4.1.3)
    redis-namespace (1.7.0)
      redis (>= 3.0.4)
    resque (2.0.0)
      mono_logger (~> 1.0)
      multi_json (~> 1.0)
      redis-namespace (~> 1.6)
      sinatra (>= 0.9.2)
      vegas (~> 0.1.2)
    resque-pool (0.7.1)
      rake (>= 10.0, < 14.0)
      resque (>= 1.22, < 3)
    rest-client (2.1.0)
      http-accept (>= 1.7.0, < 2.0)
      http-cookie (>= 1.0.2, < 2.0)
      mime-types (>= 1.16, < 4.0)
      netrc (~> 0.8)
    retries (0.0.5)
    rgeo (0.5.3)
    rgeo-shapefile (0.4.2)
      dbf (~> 3.0)
      rgeo (~> 0.3)
    rgeoserver (0.10.1)
      activemodel
      activesupport
      confstruct (~> 0.2.7)
      nokogiri
      rest-client
      rgeo (~> 0.5.3)
      rgeo-shapefile (~> 0.4.1)
      rubyzip
    rsolr (2.3.0)
      builder (>= 2.1.2)
      faraday (>= 0.9.0)
    rspec (3.9.0)
      rspec-core (~> 3.9.0)
      rspec-expectations (~> 3.9.0)
      rspec-mocks (~> 3.9.0)
    rspec-core (3.9.1)
      rspec-support (~> 3.9.1)
    rspec-expectations (3.9.1)
      diff-lcs (>= 1.2.0, < 2.0)
      rspec-support (~> 3.9.0)
    rspec-mocks (3.9.1)
      diff-lcs (>= 1.2.0, < 2.0)
      rspec-support (~> 3.9.0)
    rspec-support (3.9.2)
    rubocop (0.52.1)
      parallel (~> 1.10)
      parser (>= 2.4.0.2, < 3.0)
      powerpack (~> 0.1)
      rainbow (>= 2.2.2, < 4.0)
      ruby-progressbar (~> 1.7)
      unicode-display_width (~> 1.0, >= 1.0.1)
    rubocop-rspec (1.23.0)
      rubocop (>= 0.52.1)
    ruby-enum (0.8.0)
      i18n
    ruby-progressbar (1.10.1)
    ruby2_keywords (0.0.2)
    rubydora (2.1.0)
      activemodel (>= 4.2.10)
      activesupport
      deprecation
      equivalent-xml
      hooks (~> 0.3)
      mime-types
      nokogiri
      rest-client
    rubyzip (2.3.0)
    sanitize (5.1.0)
      crass (~> 1.0.2)
      nokogiri (>= 1.8.0)
      nokogumbo (~> 2.0)
    simplecov (0.16.1)
      docile (~> 1.1)
      json (>= 1.8, < 3)
      simplecov-html (~> 0.10.0)
    simplecov-html (0.10.2)
    sinatra (2.0.8.1)
      mustermann (~> 1.0)
      rack (~> 2.0)
      rack-protection (= 2.0.8.1)
      tilt (~> 2.0)
    slop (3.6.0)
    solrizer (3.4.1)
      activesupport
      daemons
      nokogiri
      stomp
      xml-simple
    sshkit (1.21.0)
      net-scp (>= 1.1.2)
      net-ssh (>= 2.8.0)
    stanford-mods (2.6.1)
      activesupport
      mods (~> 2.2)
    stanford-mods-normalizer (0.1.0)
      nokogiri (~> 1.8)
    stomp (1.4.9)
    sync (0.5.0)
    temple (0.8.2)
    term-ansicolor (1.7.1)
      tins (~> 1.0)
    thor (0.20.3)
    thread_safe (0.3.6)
    tilt (2.0.10)
    tins (1.24.1)
      sync
    tzinfo (1.2.7)
      thread_safe (~> 0.1)
    uber (0.0.15)
    unf (0.1.4)
      unf_ext
    unf_ext (0.0.7.7)
    unicode-display_width (1.7.0)
    vegas (0.1.11)
      rack (>= 1.0.0)
    xml-simple (1.1.5)
    zeitwerk (2.3.0)

PLATFORMS
  ruby

DEPENDENCIES
  activemodel (~> 5.1, < 5.2)
  assembly-objectfile
  capistrano
  capistrano-bundler
  capistrano-resque-pool
  capistrano-rvm
  capistrano-shared_configs
  config (~> 2.0)
  coveralls
  dlss-capistrano
  dor-services (~> 8.1)
  dor-services-client (~> 5.0)
  fastimage (~> 1.7)
  ffi-geos (~> 1.0)
  geo_combine
  honeybadger
  iso-639 (~> 0.2.10)
  lyber-core (~> 5.0)
  net-http-persistent (~> 3.0)
  pry (~> 0.10)
  rake (~> 12.0)
  resque
  resque-pool
  rgeoserver (~> 0.10)
  rsolr
  rspec
  rubocop (~> 0.52.1)
  rubocop-rspec
  slop (~> 3.6)

BUNDLED WITH
   1.17.3
